GEM
  remote: https://rubygems.org/
  specs:
    POpen4 (0.1.4)
      Platform (>= 0.4.0)
      open4
    Platform (0.4.0)
    aruba (0.5.3)
      childprocess (>= 0.3.6)
      cucumber (>= 1.1.1)
      rspec-expectations (>= 2.7.0)
    ast (1.1.0)
    bindata (1.6.0)
    builder (3.2.2)
    celluloid (0.15.2)
      timers (~> 1.1.0)
    childprocess (0.3.9)
      ffi (~> 1.0, >= 1.0.11)
    coderay (1.1.0)
    cucumber (1.3.9)
      builder (>= 2.1.2)
      diff-lcs (>= 1.1.3)
      gherkin (~> 2.12)
      multi_json (>= 1.7.5, < 2.0)
      multi_test (>= 0.0.2)
    diff-lcs (1.2.5)
    ffi (1.9.3)
    formatador (0.2.4)
    gherkin (2.12.2)
      multi_json (~> 1.3)
    gli (2.8.1)
    guard (2.2.4)
      formatador (>= 0.2.4)
      listen (~> 2.1)
      lumberjack (~> 1.0)
      pry (>= 0.9.12)
      thor (>= 0.18.1)
    guard-bundler (2.0.0)
      bundler (~> 1.0)
      guard (~> 2.2)
    guard-rspec (4.0.4)
      guard (>= 2.1.1)
      rspec (~> 2.14)
    guard-rubocop (1.0.1)
      guard (~> 2.0)
      rubocop (~> 0.10)
    json (1.8.1)
    listen (2.3.1)
      celluloid (>= 0.15.2)
      rb-fsevent (>= 0.9.3)
      rb-inotify (>= 0.9)
    lumberjack (1.0.4)
    method_source (0.8.2)
    multi_json (1.8.2)
    multi_test (0.0.2)
    open4 (1.3.0)
    paper_house (0.5.0)
      POpen4 (~> 0.1.4)
      rake (~> 10.1.0)
    parser (2.0.0)
      ast (~> 1.1)
      slop (~> 3.4, >= 3.4.5)
    pio (0.2.7)
      bindata (~> 1.6.0)
    powerpack (0.0.9)
    pry (0.9.12.4)
      coderay (~> 1.0)
      method_source (~> 0.8)
      slop (~> 3.4)
    rainbow (1.1.4)
    rake (10.1.0)
    rb-fsevent (0.9.3)
    rb-inotify (0.9.2)
      ffi (>= 0.5.0)
    rdoc (4.0.1)
      json (~> 1.4)
    reek (1.3.4)
      ruby2ruby (~> 2.0.2)
      ruby_parser (~> 3.2)
      sexp_processor
    rspec (2.14.1)
      rspec-core (~> 2.14.0)
      rspec-expectations (~> 2.14.0)
      rspec-mocks (~> 2.14.0)
    rspec-core (2.14.7)
    rspec-expectations (2.14.4)
      diff-lcs (>= 1.1.3, < 2.0)
    rspec-mocks (2.14.4)
    rubocop (0.14.1)
      parser (~> 2.0)
      powerpack (~> 0.0.6)
      rainbow (>= 1.1.4)
    ruby-graphviz (1.0.9)
    ruby2ruby (2.0.6)
      ruby_parser (~> 3.1)
      sexp_processor (~> 4.0)
    ruby_parser (3.2.2)
      sexp_processor (~> 4.1)
    sexp_processor (4.4.0)
    slop (3.4.6)
    thor (0.18.1)
    timers (1.1.0)
    trema (0.4.5)
      bundler
      gli (~> 2.8.1)
      paper_house (~> 0.5.0)
      pio (~> 0.2.6)
      rake (~> 10.1.0)
      rdoc (~> 4.0.1)

PLATFORMS
  ruby

DEPENDENCIES
  aruba (~> 0.5.3)
  cucumber (~> 1.3.8)
  guard (~> 2.2.3)
  guard-bundler (~> 2.0.0)
  guard-rspec (~> 4.0.3)
  guard-rubocop (~> 1.0.0)
  pio (~> 0.2.7)
  reek (~> 1.3.4)
  rspec (~> 2.14.1)
  rubocop (~> 0.14.1)
  ruby-graphviz (~> 1.0.9)
  trema (~> 0.4.5)
