GEM
  remote: https://rubygems.org/
  specs:
    POpen4 (0.1.4)
      Platform (>= 0.4.0)
      open4
    Platform (0.4.0)
    aruba (0.5.3)
      childprocess (>= 0.3.6)
      cucumber (>= 1.1.1)
      rspec-expectations (>= 2.7.0)
    ast (1.1.0)
    bindata (1.6.0)
    builder (3.2.2)
    childprocess (0.3.9)
      ffi (~> 1.0, >= 1.0.11)
    cucumber (1.3.9)
      builder (>= 2.1.2)
      diff-lcs (>= 1.1.3)
      gherkin (~> 2.12)
      multi_json (>= 1.7.5, < 2.0)
      multi_test (>= 0.0.2)
    diff-lcs (1.2.5)
    ffi (1.9.3)
    gherkin (2.12.2)
      multi_json (~> 1.3)
    gli (2.8.1)
    json (1.8.1)
    multi_json (1.8.2)
    multi_test (0.0.2)
    open4 (1.3.0)
    paper_house (0.5.0)
      POpen4 (~> 0.1.4)
      rake (~> 10.1.0)
    parser (2.0.0)
      ast (~> 1.1)
      slop (~> 3.4, >= 3.4.5)
    pio (0.2.7)
      bindata (~> 1.6.0)
    powerpack (0.0.9)
    rainbow (1.1.4)
    rake (10.1.0)
    rdoc (4.0.1)
      json (~> 1.4)
    rspec (2.14.1)
      rspec-core (~> 2.14.0)
      rspec-expectations (~> 2.14.0)
      rspec-mocks (~> 2.14.0)
    rspec-core (2.14.7)
    rspec-expectations (2.14.4)
      diff-lcs (>= 1.1.3, < 2.0)
    rspec-mocks (2.14.4)
    rubocop (0.14.1)
      parser (~> 2.0)
      powerpack (~> 0.0.6)
      rainbow (>= 1.1.4)
    ruby-graphviz (1.0.9)
    slop (3.4.6)
    trema (0.4.5)
      bundler
      gli (~> 2.8.1)
      paper_house (~> 0.5.0)
      pio (~> 0.2.6)
      rake (~> 10.1.0)
      rdoc (~> 4.0.1)

PLATFORMS
  ruby

DEPENDENCIES
  aruba (~> 0.5.3)
  cucumber (~> 1.3.8)
  rspec (~> 2.14.1)
  rubocop (~> 0.14.1)
  ruby-graphviz (~> 1.0.9)
  trema (~> 0.4.4)
